PATH
  remote: .
  specs:
    loggr (1.1.1)

GEM
  remote: http://rubygems.org/
  specs:
    activesupport (3.1.1)
      multi_json (~> 1.0)
    appraisal (0.4.0)
      bundler
      rake
    minitest (2.6.2)
    multi_json (1.0.3)
    rake (0.9.2)

PLATFORMS
  java
  ruby

DEPENDENCIES
  activesupport (>= 3.0.0)
  appraisal (>= 0.4)
  loggr!
  minitest (>= 2.3.0)
  rake (>= 0.8.7)
